GEM
  remote: http://rubygems.org/
  specs:
    bitly (0.8.0)
      crack (>= 0.1.4)
      httparty (>= 0.7.6)
      oauth2 (>= 0.5.0, < 0.9)
    crack (0.4.3)
      safe_yaml (~> 1.0.0)
    faraday (0.8.4)
      multipart-post (~> 1.1)
    httparty (0.21.0)
      mini_mime (>= 1.0.0)
      multi_xml (>= 0.5.2)
    httpauth (0.2.0)
    jwt (0.1.5)
      multi_json (>= 1.0)
    mini_mime (1.1.2)
    multi_json (1.14.1)
    multi_xml (0.6.0)
    multipart-post (1.1.5)
    oauth2 (0.8.0)
      faraday (~> 0.8)
      httpauth (~> 0.1)
      jwt (~> 0.1.4)
      multi_json (~> 1.0)
      rack (~> 1.2)
    rack (1.6.12)
    rack-protection (1.5.5)
      rack
    safe_yaml (1.0.5)
    sinatra (1.3.3)
      rack (~> 1.3, >= 1.3.6)
      rack-protection (~> 1.2)
      tilt (~> 1.3, >= 1.3.3)
    tilt (1.3.3)

PLATFORMS
  ruby

DEPENDENCIES
  bitly
  sinatra
